Brain Vision Data Exchange Header File Version 1.0
; Data created by the actiCHamp PyCorder

[Common Infos]
Codepage=UTF-8
DataFile=2505_shirokova.eeg
MarkerFile=2505_shirokova.vmrk
DataFormat=BINARY
; Data orientation: MULTIPLEXED=ch1,pt1, ch2,pt1 ...
DataOrientation=MULTIPLEXED
NumberOfChannels=60
; Sampling interval in microseconds
SamplingInterval=1000

[Binary Infos]
BinaryFormat=IEEE_FLOAT_32

[Channel Infos]
; Each entry: Ch<Channel number>=<Name>,<Reference channel name>,
; <Scaling factor in "Unit">,<Unit>, Future extensions..
; Fields are delimited by commas, some fields might be omitted (empty).
; Commas in channel names are coded as "\1".
Ch1=Fp1,REF,1.0,µV
Ch2=Fz,REF,1.0,µV
Ch3=F3,REF,1.0,µV
Ch4=F7,REF,1.0,µV
Ch5=HEOG,REF,1.0,µV
Ch6=FC5,REF,1.0,µV
Ch7=FC1,REF,1.0,µV
Ch8=C3,REF,1.0,µV
Ch9=T7,REF,1.0,µV
Ch10=CP5,REF,1.0,µV
Ch11=CP1,REF,1.0,µV
Ch12=Pz,REF,1.0,µV
Ch13=P3,REF,1.0,µV
Ch14=P7,REF,1.0,µV
Ch15=O1,REF,1.0,µV
Ch16=Oz,REF,1.0,µV
Ch17=O2,REF,1.0,µV
Ch18=P4,REF,1.0,µV
Ch19=P8,REF,1.0,µV
Ch20=CP2,REF,1.0,µV
Ch21=Cz,REF,1.0,µV
Ch22=C4,REF,1.0,µV
Ch23=T8,REF,1.0,µV
Ch24=VEOG,REF,1.0,µV
Ch25=FC6,REF,1.0,µV
Ch26=FC2,REF,1.0,µV
Ch27=F4,REF,1.0,µV
Ch28=Fp2,REF,1.0,µV
Ch29=AF7,REF,1.0,µV
Ch30=AF3,REF,1.0,µV
Ch31=AFz,REF,1.0,µV
Ch32=F1,REF,1.0,µV
Ch33=F5,REF,1.0,µV
Ch34=FT7,REF,1.0,µV
Ch35=FC3,REF,1.0,µV
Ch36=FCz,REF,1.0,µV
Ch37=C1,REF,1.0,µV
Ch38=C5,REF,1.0,µV
Ch39=TP7,REF,1.0,µV
Ch40=CP3,REF,1.0,µV
Ch41=P1,REF,1.0,µV
Ch42=P5,REF,1.0,µV
Ch43=PO7,REF,1.0,µV
Ch44=PO3,REF,1.0,µV
Ch45=POz,REF,1.0,µV
Ch46=PO4,REF,1.0,µV
Ch47=PO8,REF,1.0,µV
Ch48=P6,REF,1.0,µV
Ch49=P2,REF,1.0,µV
Ch50=CPz,REF,1.0,µV
Ch51=CP4,REF,1.0,µV
Ch52=TP8,REF,1.0,µV
Ch53=C6,REF,1.0,µV
Ch54=C2,REF,1.0,µV
Ch55=FC4,REF,1.0,µV
Ch56=FT8,REF,1.0,µV
Ch57=F6,REF,1.0,µV
Ch58=F2,REF,1.0,µV
Ch59=AF4,REF,1.0,µV
Ch60=AF8,REF,1.0,µV

[Comment]
PyCorder V1.0.9

Amplifier
actiCHamp (5001) SN: 13070193 Rev. 2
Module 1  (5010) SN: 13070394
Module 2  (5010) SN: 13070396
Module 3  (5010) SN: 13070400
Module 4  (5010) SN: 13070401
Module 5  n.a.
Version: DLL_25.14.08.04, DRV_03.04.01.146, CTRL_04.11.04.28, FPGA_44.00.00.00, DSP_06.11.05.25



Reference channel: AVG(TP9 + TP10)
