Brain Vision Data Exchange Header File Version 1.0
; Data created by the actiCHamp PyCorder

[Common Infos]
Codepage=UTF-8
DataFile=zavrin_open_eyes_eeg_15021500.eeg
MarkerFile=zavrin_open_eyes_eeg_15021500.vmrk
DataFormat=BINARY
; Data orientation: MULTIPLEXED=ch1,pt1, ch2,pt1 ...
DataOrientation=MULTIPLEXED
NumberOfChannels=60
; Sampling interval in microseconds
SamplingInterval=1000

[Binary Infos]
BinaryFormat=IEEE_FLOAT_32

[Channel Infos]
; Each entry: Ch<Channel number>=<Name>,<Reference channel name>,
; <Scaling factor in "Unit">,<Unit>, Future extensions..
; Fields are delimited by commas, some fields might be omitted (empty).
; Commas in channel names are coded as "\1".
Ch1=Fp1,REF,1.0,µV
Ch2=Fz,REF,1.0,µV
Ch3=F3,REF,1.0,µV
Ch4=F7,REF,1.0,µV
Ch5=HEOG,REF,1.0,µV
Ch6=FC5,REF,1.0,µV
Ch7=FC1,REF,1.0,µV
Ch8=C3,REF,1.0,µV
Ch9=T7,REF,1.0,µV
Ch10=CP5,REF,1.0,µV
Ch11=CP1,REF,1.0,µV
Ch12=Pz,REF,1.0,µV
Ch13=P3,REF,1.0,µV
Ch14=P7,REF,1.0,µV
Ch15=O1,REF,1.0,µV
Ch16=Oz,REF,1.0,µV
Ch17=O2,REF,1.0,µV
Ch18=P4,REF,1.0,µV
Ch19=P8,REF,1.0,µV
Ch20=CP2,REF,1.0,µV
Ch21=Cz,REF,1.0,µV
Ch22=C4,REF,1.0,µV
Ch23=T8,REF,1.0,µV
Ch24=VEOG,REF,1.0,µV
Ch25=FC6,REF,1.0,µV
Ch26=FC2,REF,1.0,µV
Ch27=F4,REF,1.0,µV
Ch28=Fp2,REF,1.0,µV
Ch29=AF7,REF,1.0,µV
Ch30=AF3,REF,1.0,µV
Ch31=AFz,REF,1.0,µV
Ch32=F1,REF,1.0,µV
Ch33=F5,REF,1.0,µV
Ch34=FT7,REF,1.0,µV
Ch35=FC3,REF,1.0,µV
Ch36=FCz,REF,1.0,µV
Ch37=C1,REF,1.0,µV
Ch38=C5,REF,1.0,µV
Ch39=TP7,REF,1.0,µV
Ch40=CP3,REF,1.0,µV
Ch41=P1,REF,1.0,µV
Ch42=P5,REF,1.0,µV
Ch43=PO7,REF,1.0,µV
Ch44=PO3,REF,1.0,µV
Ch45=POz,REF,1.0,µV
Ch46=PO4,REF,1.0,µV
Ch47=PO8,REF,1.0,µV
Ch48=P6,REF,1.0,µV
Ch49=P2,REF,1.0,µV
Ch50=CPz,REF,1.0,µV
Ch51=CP4,REF,1.0,µV
Ch52=TP8,REF,1.0,µV
Ch53=C6,REF,1.0,µV
Ch54=C2,REF,1.0,µV
Ch55=FC4,REF,1.0,µV
Ch56=FT8,REF,1.0,µV
Ch57=F6,REF,1.0,µV
Ch58=F2,REF,1.0,µV
Ch59=AF4,REF,1.0,µV
Ch60=AF8,REF,1.0,µV

[Comment]
PyCorder V1.0.9

Amplifier
actiCHamp (5001) SN: 13070193 Rev. 2
Module 1  (5010) SN: 13070400
Module 2  (5010) SN: 13070401
Module 3  (5010) SN: 13070396
Module 4  (5010) SN: 13070394
Module 5  n.a.
Version: DLL_25.14.08.04, DRV_03.04.01.146, CTRL_04.11.04.28, FPGA_44.00.00.00, DSP_06.11.05.25



Reference channel: AVG(TP9 + TP10)

Impedance [KOhm] at 14:52:16 (recording started at 14:53:50)
  1 Fp1: 11
  2 Fz: 9
  3 F3: 8
  4 F7: 9
  5 HEOG: 6
  6 FC5: 5
  7 FC1: 9
  8 C3: 9
  9 T7: 5
 10 REF_TP9: 4
 11 CP5: 9
 12 CP1: 4
 13 Pz: 4
 14 P3: 10
 15 P7: 11
 16 O1: 7
 17 Oz: 3
 18 O2: 7
 19 P4: 9
 20 P8: 16
 21 REF_TP10: 11
 23 CP2: 6
 24 Cz: 1
 25 C4: 2
 26 T8: 2
 27 VEOG: 13
 28 FC6: 9
 29 FC2: 3
 30 F4: 0
 32 Fp2: 15
 33 AF7: 7
 34 AF3: 12
 35 AFz: 17
 36 F1: 5
 37 F5: 3
 38 FT7: 6
 39 FC3: 2
 40 FCz: 1
 41 C1: 19
 42 C5: 8
 43 TP7: 10
 44 CP3: 6
 45 P1: 0
 46 P5: 3
 47 PO7: 3
 48 PO3: 9
 49 POz: 7
 50 PO4: 1
 51 PO8: 3
 52 P6: 0
 53 P2: 3
 54 CPz: 4
 55 CP4: 3
 56 TP8: 8
 57 C6: 6
 58 C2: 0
 59 FC4: 1
 60 FT8: 8
 61 F6: 5
 62 F2: 1
 63 AF4: 2
 64 AF8: 9
GND: 10
